GEM
  remote: https://rubygems.org/
  specs:
    docile (1.3.2)
    power_assert (1.1.5)
    rake (13.0.0)
    simplecov (0.19.0)
      docile (~> 1.1)
      simplecov-html (~> 0.11)
    simplecov-html (0.12.2)
    simplecov-rcov (0.2.3)
      simplecov (>= 0.4.1)
    test-unit (3.3.4)
      power_assert

PLATFORMS
  ruby

DEPENDENCIES
  rake (~> 13.0)
  simplecov (~> 0.19.0)
  simplecov-rcov (~> 0.2.3)
  test-unit (~> 3.3)

BUNDLED WITH
   2.0.2
